GEM
  remote: https://rubygems.org/
  specs:
    google-protobuf (3.19.2)

PLATFORMS
  ruby

DEPENDENCIES
  google-protobuf

BUNDLED WITH
   2.1.4
